GEM
  remote: https://rubygems.org/
  specs:
    addressable (2.8.0)
      public_suffix (>= 2.0.2, < 5.0)
    audite (0.3.0)
    cookiejar (0.3.3)
    crypt19-rb (1.2.2)
    daemons (1.1.9)
    em-http-request (1.1.6)
      addressable (>= 2.3.4)
      cookiejar (!= 0.3.1)
      em-socksify (>= 0.3)
      eventmachine (>= 1.0.3)
      http_parser.rb (>= 0.6.0)
    em-socksify (0.3.2)
      eventmachine (>= 1.0.0.beta.4)
    em-websocket (0.5.1)
      eventmachine (>= 0.12.9)
      http_parser.rb (~> 0.6.0)
    eventmachine (1.2.7)
    faraday (0.9.0)
      multipart-post (>= 1.2, < 3)
    http_parser.rb (0.6.0)
    multipart-post (2.0.0)
    nokogiri (1.5.11)
    pandora_client (0.1.3)
      crypt19-rb (~> 1.2.1)
      faraday (~> 0.8)
      nokogiri (~> 1.5.2)
    public_suffix (3.1.1)
    rack (1.5.2)
    rack-protection (1.5.3)
      rack
    sinatra (1.4.5)
      rack (~> 1.4)
      rack-protection (~> 1.4)
      tilt (~> 1.3, >= 1.3.4)
    thin (1.6.3)
      daemons (~> 1.0, >= 1.0.9)
      eventmachine (~> 1.0)
      rack (~> 1.0)
    tilt (1.4.1)
    yajl-ruby (1.2.1)

PLATFORMS
  ruby

DEPENDENCIES
  audite (= 0.3.0)
  em-http-request (= 1.1.6)
  em-websocket (= 0.5.1)
  pandora_client (= 0.1.3)
  sinatra (= 1.4.5)
  thin (= 1.6.3)
  yajl-ruby (= 1.2.1)
